GEM
  remote: http://rubygems.org/
  specs:
    activesupport (3.0.7)
    haml (3.1.1)
    i18n (0.4.2)
    rack (1.2.2)
    sass (3.1.1)
    serve (1.0.0)
      activesupport (~> 3.0.1)
      i18n (~> 0.4.1)
      rack (~> 1.2.1)
      tzinfo (~> 0.3.23)
    shotgun (0.9)
      rack (>= 1.0)
    tzinfo (0.3.27)

PLATFORMS
  ruby

DEPENDENCIES
  haml
  sass
  serve
  shotgun
